GEM
  remote: https://rubygems.org/
  specs:
    RedCloth (4.2.9)
    activesupport (4.1.0)
      i18n (~> 0.6, >= 0.6.9)
      json (~> 1.7, >= 1.7.7)
      minitest (~> 5.1)
      thread_safe (~> 0.1)
      tzinfo (~> 1.1)
    builder (3.2.2)
    coderay (1.1.0)
    eeepub-with-cover-support (0.8.8)
      builder
      rubyzip
    i18n (0.6.9)
    json (1.8.1)
    kitabu (1.0.6)
      RedCloth
      activesupport
      coderay
      eeepub-with-cover-support
      i18n
      nokogiri
      notifier
      rdiscount
      rubyzip
      thor
      zip-zip
    mini_portile (0.5.3)
    minitest (5.3.3)
    nokogiri (1.6.1)
      mini_portile (~> 0.5.0)
    notifier (0.4.1)
    rdiscount (2.1.7.1)
    rubyzip (1.1.3)
    thor (0.19.1)
    thread_safe (0.3.3)
    tzinfo (1.1.0)
      thread_safe (~> 0.1)
    zip-zip (0.3)
      rubyzip (>= 1.0.0)

PLATFORMS
  ruby

DEPENDENCIES
  kitabu
